PATH
  remote: .
  specs:
    run (0.1.3)

GEM
  remote: https://rubygems.org/
  specs:
    ansi (1.5.0)
    benchmark-ips (2.7.2)
    builder (3.2.4)
    byebug (11.0.1)
    minitest (5.13.0)
    minitest-reporters (1.3.8)
      ansi
      builder
      minitest (>= 5.0)
      ruby-progressbar
    rake (13.0.1)
    ruby-progressbar (1.10.1)

PLATFORMS
  ruby

DEPENDENCIES
  benchmark-ips
  bundler (~> 2.0)
  byebug (~> 11.0.1)
  minitest (~> 5.0)
  minitest-reporters (~> 1.3.8)
  rake (~> 13.0.1)
  run!

BUNDLED WITH
   2.1.4
